GEM
  remote: http://rubygems.org/
  specs:
    activemodel (3.1.3)
      activesupport (= 3.1.3)
      builder (~> 3.0.0)
      i18n (~> 0.6)
    activesupport (3.1.3)
      multi_json (~> 1.0)
    builder (3.0.0)
    haml (3.1.4)
    i18n (0.6.0)
    multi_json (1.0.4)
    pusher (0.9.2)
      multi_json (~> 1.0)
      ruby-hmac (~> 0.4.0)
      signature (~> 0.1.2)
    rack (1.4.1)
    rack-protection (1.2.0)
      rack
    rack_csrf (2.3.0)
      rack (>= 0.9)
    ratpack (0.1.3)
      rack (>= 1.0.0)
      sinatra (>= 0.9.1)
    ruby-hmac (0.4.0)
    signature (0.1.2)
      ruby-hmac
    sinatra (1.3.2)
      rack (~> 1.3, >= 1.3.6)
      rack-protection (~> 1.2)
      tilt (~> 1.3, >= 1.3.3)
    sinatra-respond_to (0.8.0)
      sinatra (~> 1.3)
    supermodel (0.1.4)
      activemodel (>= 3.0.0.beta)
    tilt (1.3.3)

PLATFORMS
  ruby

DEPENDENCIES
  activemodel (= 3.1.3)
  activesupport (= 3.1.3)
  haml
  pusher
  rack_csrf (~> 2.3.0)
  ratpack
  sinatra (~> 1.3.2)
  sinatra-respond_to (~> 0.8.0)
  supermodel
